GEM
  remote: https://rubygems.org/
  specs:
    mime-types (2.3)
    rack (1.5.2)
    rack-contrib (1.1.0)
      rack (>= 0.9.1)
    rack-rewrite (1.5.0)

PLATFORMS
  ruby

DEPENDENCIES
  mime-types
  rack
  rack-contrib
  rack-rewrite
